GIT
  remote: git://github.com/ballantyne/omniauth-douban.git
  revision: eaafbc5913ad1555df80ccd876aaa9e13d2463f7
  specs:
    omniauth-douban (1.0.0.rc2)
      multi_json
      omniauth (~> 1.0.0.rc2)
      omniauth-oauth (~> 1.0.0.rc2)

GIT
  remote: git://github.com/ballantyne/omniauth-jiepang.git
  revision: d3b0c10dd120abc5c5dfa4eda07c44fd8c74f26a
  specs:
    omniauth-jiepang (1.0.0.rc2)
      omniauth (~> 1.0.0.rc2)
      omniauth-oauth2 (~> 1.0.0.rc2)

GIT
  remote: git://github.com/ballantyne/omniauth-kaixin.git
  revision: 586bc3ecdc6578d17282f5da2aaf03c71218a90e
  specs:
    omniauth-kaixin (1.0.0.rc2)
      omniauth (~> 1.0.0.rc2)
      omniauth-oauth2 (~> 1.0.0.rc2)

GIT
  remote: git://github.com/ballantyne/omniauth-plurk.git
  revision: 4e9e5dc50280d5e26d4e42e5eea43ffb21dd88ff
  specs:
    omniauth-plurk (1.0.0.rc2)
      omniauth (~> 1.0.0.rc2)
      omniauth-oauth2 (~> 1.0.0.rc2)

GIT
  remote: git://github.com/ballantyne/omniauth-renren.git
  revision: 8b844f2d39826966ae0d0fa80b6d7242c20ed66a
  specs:
    omniauth-renren (1.0.0.rc2)
      omniauth (~> 1.0.0.rc2)
      omniauth-oauth2 (~> 1.0.0.rc2)

GIT
  remote: git://github.com/ballantyne/omniauth-t163.git
  revision: 0dcbbb79413b58fe4892c1989297a0ec49d4e0f6
  specs:
    omniauth-t163 (1.0.0.rc2)
      multi_json
      omniauth (~> 1.0.0.rc2)
      omniauth-oauth (~> 1.0.0.rc2)

GIT
  remote: git://github.com/ballantyne/omniauth-tianji.git
  revision: 3c83cf6ea28f65742ecdb0cb364bb8440f0ea8ff
  specs:
    omniauth-tianji (1.0.0.rc2)
      omniauth (~> 1.0.0.rc2)
      omniauth-oauth2 (~> 1.0.0.rc2)

GIT
  remote: git://github.com/ballantyne/omniauth-tqq.git
  revision: 8ef550aa8ccf3bdf625f869c8bab1bd262b13a56
  specs:
    omniauth-tqq (1.0.0.rc2)
      multi_json
      omniauth (~> 1.0.0.rc2)
      omniauth-oauth (~> 1.0.0.rc2)

GIT
  remote: git://github.com/ballantyne/omniauth-tsohu.git
  revision: 6cb51e473c208c4cf58cd8679570a25784c36d5e
  specs:
    omniauth-tsohu (1.0.0.rc2)
      multi_json
      omniauth (~> 1.0.0.rc2)
      omniauth-oauth (~> 1.0.0.rc2)

GIT
  remote: git://github.com/ballantyne/omniauth-tudou.git
  revision: 5b3ec13cc78b42e1a07a1f7f388fe5a6b783cd56
  specs:
    omniauth-tudou (1.0.0.rc2)
      multi_json
      omniauth (~> 1.0.0.rc2)
      omniauth-oauth (~> 1.0.0.rc2)

GIT
  remote: git://github.com/ballantyne/omniauth-weibo.git
  revision: 378e73725194c5792f62d064814f4658426240fe
  specs:
    omniauth-weibo (1.0.0.rc2)
      multi_json
      omniauth (~> 1.0.0.rc2)
      omniauth-oauth (~> 1.0.0.rc2)

GIT
  remote: git://github.com/intridea/omniauth-contrib.git
  revision: bb61386c2b1032ff7ccafd8ed7ca3ceafd3c12aa
  specs:
    omniauth-contrib (1.0.0.rc2)
      multi_json
      omniauth (~> 1.0.0.rc2)
      omniauth-oauth (~> 1.0.0.rc2)

GIT
  remote: git://github.com/mkdynamic/omniauth-facebook.git
  revision: e585e8d9158f3317322c2c29cf6b97bfd414ec85
  specs:
    omniauth-facebook (1.0.0.rc1)
      omniauth-oauth2 (~> 1.0.0.rc2)

GEM
  remote: http://rubygems.org/
  specs:
    abstract (1.0.0)
    actionmailer (3.0.10)
      actionpack (= 3.0.10)
      mail (~> 2.2.19)
    actionpack (3.0.10)
      activemodel (= 3.0.10)
      activesupport (= 3.0.10)
      builder (~> 2.1.2)
      erubis (~> 2.6.6)
      i18n (~> 0.5.0)
      rack (~> 1.2.1)
      rack-mount (~> 0.6.14)
      rack-test (~> 0.5.7)
      tzinfo (~> 0.3.23)
    activemodel (3.0.10)
      activesupport (= 3.0.10)
      builder (~> 2.1.2)
      i18n (~> 0.5.0)
    activerecord (3.0.10)
      activemodel (= 3.0.10)
      activesupport (= 3.0.10)
      arel (~> 2.0.10)
      tzinfo (~> 0.3.23)
    activeresource (3.0.10)
      activemodel (= 3.0.10)
      activesupport (= 3.0.10)
    activesupport (3.0.10)
    addressable (2.2.6)
    arel (2.0.10)
    bcrypt-ruby (3.0.1)
    builder (2.1.2)
    devise (1.4.9)
      bcrypt-ruby (~> 3.0)
      orm_adapter (~> 0.0.3)
      warden (~> 1.0.3)
    erubis (2.6.6)
      abstract (>= 1.0.0)
    faraday (0.7.5)
      addressable (~> 2.2.6)
      multipart-post (~> 1.1.3)
      rack (>= 1.1.0, < 2)
    hashie (1.2.0)
    heroku (2.11.0)
      launchy (>= 0.3.2)
      rest-client (~> 1.6.1)
      rubyzip
      term-ansicolor (~> 1.0.5)
    i18n (0.5.0)
    json (1.6.1)
    launchy (2.0.5)
      addressable (~> 2.2.6)
    mail (2.2.19)
      activesupport (>= 2.3.6)
      i18n (>= 0.4.0)
      mime-types (~> 1.16)
      treetop (~> 1.4.8)
    mime-types (1.17.2)
    multi_json (1.0.3)
    multipart-post (1.1.3)
    oauth (0.4.5)
    oauth2 (0.5.1)
      faraday (~> 0.7.4)
      multi_json (~> 1.0.3)
    omniauth (1.0.0.rc2)
      hashie (~> 1.2)
      rack
    omniauth-oauth (1.0.0.rc2)
      oauth
      omniauth (~> 1.0.0.rc2)
    omniauth-oauth2 (1.0.0.rc2)
      oauth2 (~> 0.5.0)
      omniauth (~> 1.0.0.rc2)
    orm_adapter (0.0.5)
    pg (0.11.0)
    polyglot (0.3.2)
    rack (1.2.4)
    rack-mount (0.6.14)
      rack (>= 1.0.0)
    rack-test (0.5.7)
      rack (>= 1.0)
    rails (3.0.10)
      actionmailer (= 3.0.10)
      actionpack (= 3.0.10)
      activerecord (= 3.0.10)
      activeresource (= 3.0.10)
      activesupport (= 3.0.10)
      bundler (~> 1.0)
      railties (= 3.0.10)
    railties (3.0.10)
      actionpack (= 3.0.10)
      activesupport (= 3.0.10)
      rake (>= 0.8.7)
      rdoc (~> 3.4)
      thor (~> 0.14.4)
    rake (0.9.2.2)
    rdoc (3.11)
      json (~> 1.4)
    rest-client (1.6.7)
      mime-types (>= 1.16)
    rubyzip (0.9.4)
    term-ansicolor (1.0.7)
    thor (0.14.6)
    treetop (1.4.10)
      polyglot
      polyglot (>= 0.3.1)
    tzinfo (0.3.30)
    warden (1.0.6)
      rack (>= 1.0)

PLATFORMS
  ruby

DEPENDENCIES
  devise
  heroku
  omniauth
  omniauth-contrib!
  omniauth-douban!
  omniauth-facebook!
  omniauth-jiepang!
  omniauth-kaixin!
  omniauth-plurk!
  omniauth-renren!
  omniauth-t163!
  omniauth-tianji!
  omniauth-tqq!
  omniauth-tsohu!
  omniauth-tudou!
  omniauth-weibo!
  pg
  rails (= 3.0.10)
